PATH
  remote: .
  specs:
    inari-cms (0.1.1)
      administrate
      administrate-field-date_picker
      administrate-field-password
      awesome_nested_set
      axlsx
      carrierwave
      ckeditor
      devise
      devise-i18n
      devise-i18n-views
      font-awesome-rails
      jquery-rails
      kaminari
      meta-tags
      mini_magick
      paper_trail
      paranoia (~> 2.2)
      pg_search
      pundit
      rails (~> 5.0)
      russian
      simple_form
      slim
      the_sortable_tree

GEM
  remote: https://rubygems.org/
  specs:
    actioncable (5.1.3)
      actionpack (= 5.1.3)
      nio4r (~> 2.0)
      websocket-driver (~> 0.6.1)
    actionmailer (5.1.3)
      actionpack (= 5.1.3)
      actionview (= 5.1.3)
      activejob (= 5.1.3)
      mail (~> 2.5, >= 2.5.4)
      rails-dom-testing (~> 2.0)
    actionpack (5.1.3)
      actionview (= 5.1.3)
      activesupport (= 5.1.3)
      rack (~> 2.0)
      rack-test (~> 0.6.3)
      rails-dom-testing (~> 2.0)
      rails-html-sanitizer (~> 1.0, >= 1.0.2)
    actionview (5.1.3)
      activesupport (= 5.1.3)
      builder (~> 3.1)
      erubi (~> 1.4)
      rails-dom-testing (~> 2.0)
      rails-html-sanitizer (~> 1.0, >= 1.0.3)
    activejob (5.1.3)
      activesupport (= 5.1.3)
      globalid (>= 0.3.6)
    activemodel (5.1.3)
      activesupport (= 5.1.3)
    activerecord (5.1.3)
      activemodel (= 5.1.3)
      activesupport (= 5.1.3)
      arel (~> 8.0)
    activesupport (5.1.3)
      concurrent-ruby (~> 1.0, >= 1.0.2)
      i18n (~> 0.7)
      minitest (~> 5.1)
      tzinfo (~> 1.1)
    administrate (0.10.0)
      actionpack (>= 4.2, < 6.0)
      actionview (>= 4.2, < 6.0)
      activerecord (>= 4.2, < 6.0)
      autoprefixer-rails (>= 6.0)
      datetime_picker_rails (~> 0.0.7)
      jquery-rails (>= 4.0)
      kaminari (>= 1.0)
      momentjs-rails (~> 2.8)
      sass-rails (~> 5.0)
      selectize-rails (~> 0.6)
    administrate-field-date_picker (0.1.0)
      administrate (< 1.0.0)
      flatpickr_rails (~> 0.0.2)
      rails (>= 4.2, < 6)
    administrate-field-password (0.0.4)
      administrate
    arel (8.0.0)
    autoprefixer-rails (8.6.4)
      execjs
    awesome_nested_set (3.1.4)
      activerecord (>= 4.0.0, < 5.3)
    axlsx (2.0.1)
      htmlentities (~> 4.3.1)
      nokogiri (>= 1.4.1)
      rubyzip (~> 1.0.0)
    bcrypt (3.1.11)
    builder (3.2.3)
    carrierwave (1.2.3)
      activemodel (>= 4.0.0)
      activesupport (>= 4.0.0)
      mime-types (>= 1.16)
    ckeditor (4.2.4)
      cocaine
      orm_adapter (~> 0.5.0)
    climate_control (0.2.0)
    cocaine (0.6.0)
      terrapin (= 0.6.0)
    concurrent-ruby (1.0.5)
    datetime_picker_rails (0.0.7)
      momentjs-rails (>= 2.8.1)
    devise (4.3.0)
      bcrypt (~> 3.0)
      orm_adapter (~> 0.1)
      railties (>= 4.1.0, < 5.2)
      responders
      warden (~> 1.2.3)
    devise-i18n (1.5.1)
      devise (>= 3.4)
    devise-i18n-views (0.3.7)
    erubi (1.6.1)
    execjs (2.7.0)
    ffi (1.9.25)
    flatpickr_rails (0.0.3)
      railties (>= 3.0)
    font-awesome-rails (4.7.0.4)
      railties (>= 3.2, < 6.0)
    globalid (0.4.1)
      activesupport (>= 4.2.0)
    htmlentities (4.3.4)
    i18n (0.8.6)
    jquery-rails (4.3.3)
      rails-dom-testing (>= 1, < 3)
      railties (>= 4.2.0)
      thor (>= 0.14, < 2.0)
    kaminari (1.1.1)
      activesupport (>= 4.1.0)
      kaminari-actionview (= 1.1.1)
      kaminari-activerecord (= 1.1.1)
      kaminari-core (= 1.1.1)
    kaminari-actionview (1.1.1)
      actionview
      kaminari-core (= 1.1.1)
    kaminari-activerecord (1.1.1)
      activerecord
      kaminari-core (= 1.1.1)
    kaminari-core (1.1.1)
    loofah (2.0.3)
      nokogiri (>= 1.5.9)
    mail (2.7.0)
      mini_mime (>= 0.1.1)
    meta-tags (2.10.0)
      actionpack (>= 3.2.0, < 5.3)
    method_source (0.8.2)
    mime-types (3.1)
      mime-types-data (~> 3.2015)
    mime-types-data (3.2016.0521)
    mini_magick (4.8.0)
    mini_mime (1.0.0)
    mini_portile2 (2.2.0)
    minitest (5.10.3)
    momentjs-rails (2.20.1)
      railties (>= 3.1)
    nio4r (2.3.1)
    nokogiri (1.8.0)
      mini_portile2 (~> 2.2.0)
    orm_adapter (0.5.0)
    paper_trail (9.2.0)
      activerecord (>= 4.2, < 5.3)
      paper_trail-association_tracking (< 2)
      request_store (~> 1.1)
    paper_trail-association_tracking (1.0.0)
    paranoia (2.4.1)
      activerecord (>= 4.0, < 5.3)
    pg (0.20.0)
    pg_search (2.1.2)
      activerecord (>= 4.2)
      activesupport (>= 4.2)
      arel (>= 6)
    pundit (1.1.0)
      activesupport (>= 3.0.0)
    rack (2.0.3)
    rack-test (0.6.3)
      rack (>= 1.0)
    rails (5.1.3)
      actioncable (= 5.1.3)
      actionmailer (= 5.1.3)
      actionpack (= 5.1.3)
      actionview (= 5.1.3)
      activejob (= 5.1.3)
      activemodel (= 5.1.3)
      activerecord (= 5.1.3)
      activesupport (= 5.1.3)
      bundler (>= 1.3.0)
      railties (= 5.1.3)
      sprockets-rails (>= 2.0.0)
    rails-dom-testing (2.0.3)
      activesupport (>= 4.2.0)
      nokogiri (>= 1.6)
    rails-html-sanitizer (1.0.3)
      loofah (~> 2.0)
    railties (5.1.3)
      actionpack (= 5.1.3)
      activesupport (= 5.1.3)
      method_source
      rake (>= 0.8.7)
      thor (>= 0.18.1, < 2.0)
    rake (12.3.1)
    rb-fsevent (0.10.3)
    rb-inotify (0.9.10)
      ffi (>= 0.5.0, < 2)
    request_store (1.4.1)
      rack (>= 1.4)
    responders (2.4.0)
      actionpack (>= 4.2.0, < 5.3)
      railties (>= 4.2.0, < 5.3)
    rubyzip (1.0.0)
    russian (0.6.0)
      i18n (>= 0.5.0)
    sass (3.5.6)
      sass-listen (~> 4.0.0)
    sass-listen (4.0.0)
      rb-fsevent (~> 0.9, >= 0.9.4)
      rb-inotify (~> 0.9, >= 0.9.7)
    sass-rails (5.0.7)
      railties (>= 4.0.0, < 6)
      sass (~> 3.1)
      sprockets (>= 2.8, < 4.0)
      sprockets-rails (>= 2.0, < 4.0)
      tilt (>= 1.1, < 3)
    selectize-rails (0.12.4.1)
    simple_form (4.0.1)
      actionpack (>= 5.0)
      activemodel (>= 5.0)
    slim (3.0.9)
      temple (>= 0.7.6, < 0.9)
      tilt (>= 1.3.3, < 2.1)
    sprockets (3.7.2)
      concurrent-ruby (~> 1.0)
      rack (> 1, < 3)
    sprockets-rails (3.2.1)
      actionpack (>= 4.0)
      activesupport (>= 4.0)
      sprockets (>= 3.0.0)
    sqlite3 (1.3.13)
    temple (0.8.0)
    terrapin (0.6.0)
      climate_control (>= 0.0.3, < 1.0)
    the_sortable_tree (2.7.0)
      rails (>= 3.1)
    thor (0.19.4)
    thread_safe (0.3.6)
    tilt (2.0.8)
    tzinfo (1.2.3)
      thread_safe (~> 0.1)
    warden (1.2.7)
      rack (>= 1.0)
    websocket-driver (0.6.5)
      websocket-extensions (>= 0.1.0)
    websocket-extensions (0.1.3)

PLATFORMS
  ruby

DEPENDENCIES
  devise
  inari-cms!
  pg
  sqlite3

BUNDLED WITH
   1.16.2
